PATH
  remote: .
  specs:
    herodot (0.2.1)
      chronic
      commander
      rainbow
      terminal-table

GEM
  remote: https://rubygems.org/
  specs:
    ast (2.3.0)
    chronic (0.10.2)
    commander (4.4.3)
      highline (~> 1.7.2)
    diff-lcs (1.3)
    highline (1.7.8)
    parser (2.4.0.0)
      ast (~> 2.2)
    powerpack (0.1.1)
    rainbow (2.2.1)
    rake (10.5.0)
    rspec (3.5.0)
      rspec-core (~> 3.5.0)
      rspec-expectations (~> 3.5.0)
      rspec-mocks (~> 3.5.0)
    rspec-core (3.5.4)
      rspec-support (~> 3.5.0)
    rspec-expectations (3.5.0)
      diff-lcs (>= 1.2.0, < 2.0)
      rspec-support (~> 3.5.0)
    rspec-mocks (3.5.0)
      diff-lcs (>= 1.2.0, < 2.0)
      rspec-support (~> 3.5.0)
    rspec-support (3.5.0)
    rubocop (0.47.1)
      parser (>= 2.3.3.1, < 3.0)
      powerpack (~> 0.1)
      rainbow (>= 1.99.1, < 3.0)
      ruby-progressbar (~> 1.7)
      unicode-display_width (~> 1.0, >= 1.0.1)
    rubocop-bitcrowd (1.0.0)
    rubocop-rspec (1.13.0)
      rubocop (>= 0.42.0)
    ruby-progressbar (1.8.1)
    terminal-table (1.8.0)
      unicode-display_width (~> 1.1, >= 1.1.1)
    unicode-display_width (1.1.3)

PLATFORMS
  ruby

DEPENDENCIES
  bundler (~> 1.14)
  herodot!
  rake (~> 10.0)
  rspec (~> 3.0)
  rubocop
  rubocop-bitcrowd
  rubocop-rspec

BUNDLED WITH
   1.14.6
